GEM
  remote: https://rubygems.org/
  specs:
    rack (3.0.7)

PLATFORMS
  x86_64-linux

DEPENDENCIES
  rack (~> 3.0)

BUNDLED WITH
   2.4.9
